GEM
  remote: https://rubygems.org/
  specs:
    nokogiri (1.15.5-x64-mingw-ucrt)
      racc (~> 1.4)
    racc (1.7.3)

PLATFORMS
  x64-mingw-ucrt

DEPENDENCIES
  nokogiri

BUNDLED WITH
   2.4.22
